PATH
  remote: .
  specs:
    tgfx (0.1.0)

GEM
  remote: https://rubygems.org/
  specs:
    coderay (1.1.1)
    method_source (0.8.2)
    pry (0.10.4)
      coderay (~> 1.1.0)
      method_source (~> 0.8.1)
      slop (~> 3.4)
    rake (12.0.0)
    rake-compiler (1.0.4)
      rake
    slop (3.6.0)

PLATFORMS
  ruby

DEPENDENCIES
  pry
  rake-compiler
  tgfx!

BUNDLED WITH
   1.13.7
