PATH
  remote: .
  specs:
    tgfx (0.1.0)

GEM
  remote: https://rubygems.org/
  specs:
    chunky_png (1.3.8)
    coderay (1.1.1)
    method_source (0.8.2)
    pry (0.10.4)
      coderay (~> 1.1.0)
      method_source (~> 0.8.1)
      slop (~> 3.4)
    rake (12.0.0)
    rake-compiler (1.0.4)
      rake
    rasem (0.7.1)
    rmagick (2.16.0)
    slop (3.6.0)

PLATFORMS
  ruby

DEPENDENCIES
  chunky_png
  pry
  rake-compiler
  rasem
  rmagick
  tgfx!

BUNDLED WITH
   1.13.7
