PATH
  remote: .
  specs:
    tgfx (0.1.0)

GEM
  remote: https://rubygems.org/
  specs:
    chunky_png (1.3.8)
    coderay (1.1.1)
    method_source (0.8.2)
    mini_portile2 (2.2.0)
    nokogiri (1.8.0)
      mini_portile2 (~> 2.2.0)
    pry (0.10.4)
      coderay (~> 1.1.0)
      method_source (~> 0.8.1)
      slop (~> 3.4)
    rake (12.0.0)
    rake-compiler (1.0.4)
      rake
    rmagick (2.16.0)
    slop (3.6.0)

PLATFORMS
  ruby

DEPENDENCIES
  chunky_png
  nokogiri
  pry
  rake-compiler
  rmagick
  tgfx!

BUNDLED WITH
   1.15.1
